GEM
  remote: https://rubygems.org/
  specs:
    aws-eventstream (1.1.0)
    aws-partitions (1.430.0)
    aws-sdk-core (3.112.0)
      aws-eventstream (~> 1, >= 1.0.2)
      aws-partitions (~> 1, >= 1.239.0)
      aws-sigv4 (~> 1.1)
      jmespath (~> 1.0)
    aws-sdk-dynamodb (1.59.0)
      aws-sdk-core (~> 3, >= 3.112.0)
      aws-sigv4 (~> 1.1)
    aws-sdk-ecs (1.74.0)
      aws-sdk-core (~> 3, >= 3.112.0)
      aws-sigv4 (~> 1.1)
    aws-sigv4 (1.2.2)
      aws-eventstream (~> 1, >= 1.0.2)
    docker-api (2.0.0)
      excon (>= 0.47.0)
      multi_json
    excon (0.79.0)
    httparty (0.18.1)
      mime-types (~> 3.0)
      multi_xml (>= 0.5.2)
    jmespath (1.4.0)
    marloss (0.5.2)
      aws-sdk-dynamodb (~> 1)
    mime-types (3.3.1)
      mime-types-data (~> 3.2015)
    mime-types-data (3.2020.1104)
    multi_json (1.15.0)
    multi_xml (0.6.0)

PLATFORMS
  ruby

DEPENDENCIES
  aws-sdk-ecs (~> 1.74)
  docker-api (~> 2.0)
  httparty (~> 0.18)
  marloss (~> 0.5)

BUNDLED WITH
   2.6.7
